PATH
  remote: ../tiny_rails
  specs:
    tiny_rails (0.1.0)

GEM
  remote: https://rubygems.org/
  specs:

PLATFORMS
  ruby

DEPENDENCIES
  tiny_rails!

BUNDLED WITH
   2.1.2
