PATH
  remote: ../tiny_rails
  specs:
    tiny_actionpack (0.1.0)
      rack
    tiny_rails (0.1.0)
      tiny_actionpack (= 0.1.0)
      tiny_railties (= 0.1.0)
    tiny_railties (0.1.0)
      tiny_actionpack (= 0.1.0)

GEM
  remote: https://rubygems.org/
  specs:
    rack (2.1.1)

PLATFORMS
  ruby

DEPENDENCIES
  tiny_rails!

BUNDLED WITH
   2.1.2
